GEM
  remote: https://rubygems.org/
  specs:
    repla (0.10.1)

PLATFORMS
  ruby

DEPENDENCIES
  repla

RUBY VERSION
   ruby 2.5.3p105

BUNDLED WITH
   2.0.2
