GIT
  remote: https://github.com/repla-app/repla-ruby.git
  revision: 1ba54eb7c7cd0da3bf2f8411fcfa572d8e1c747e
  branch: catalina
  specs:
    repla (0.10.1)

GEM
  remote: https://rubygems.org/
  specs:

PLATFORMS
  ruby

DEPENDENCIES
  repla!

RUBY VERSION
   ruby 2.4.1p111

BUNDLED WITH
   2.0.2
