GEM
  remote: https://rubygems.org/
  specs:
    ffi (1.11.3)
    listen (3.2.0)
      rb-fsevent (~> 0.10, >= 0.10.3)
      rb-inotify (~> 0.9, >= 0.9.10)
    rb-fsevent (0.10.3)
    rb-inotify (0.10.0)
      ffi (~> 1.0)
    repla (0.10.4)

PLATFORMS
  ruby

DEPENDENCIES
  listen
  repla

RUBY VERSION
   ruby 2.4.1p111

BUNDLED WITH
   2.0.2
